GIT
  remote: https://github.com/hogashi/omniauth-twitter-rails_csrf_protection.git
  revision: 91ff03c0f5f1dcdcb91ee2c8adb8fd11a03714e6
  branch: master
  specs:
    omniauth-twitter-rails_csrf_protection (1.4.0)
      rack

GIT
  remote: https://github.com/hogashi/twitter.git
  revision: e3b13c2f7f534c4e4f1dfc1820775491582cad98
  branch: master
  specs:
    twitter (6.2.0.1)
      addressable (~> 2.3)
      buftok (~> 0.2.0)
      equalizer (~> 0.0.11)
      http (~> 3.0)
      http-form_data (~> 2.0)
      http_parser.rb (~> 0.6.0)
      memoizable (~> 0.4.0)
      multipart-post (~> 2.0)
      naught (~> 1.0)
      simple_oauth (~> 0.3.0)

GEM
  remote: https://rubygems.org/
  specs:
    addressable (2.6.0)
      public_suffix (>= 2.0.2, < 4.0)
    backports (3.13.0)
    buftok (0.2.0)
    daemons (1.3.1)
    domain_name (0.5.20180417)
      unf (>= 0.0.5, < 1.0.0)
    dotenv (2.7.4)
    equalizer (0.0.11)
    eventmachine (1.2.7)
    foreman (0.85.0)
      thor (~> 0.19.1)
    http (3.3.0)
      addressable (~> 2.3)
      http-cookie (~> 1.0)
      http-form_data (~> 2.0)
      http_parser.rb (~> 0.6.0)
    http-cookie (1.0.3)
      domain_name (~> 0.5)
    http-form_data (2.1.1)
    http_parser.rb (0.6.0)
    memoizable (0.4.2)
      thread_safe (~> 0.3, >= 0.3.1)
    multi_json (1.13.1)
    multipart-post (2.0.0)
    mustermann (1.0.3)
    naught (1.1.0)
    public_suffix (3.0.3)
    rack (2.0.7)
    rack-protection (2.0.5)
      rack
    simple_oauth (0.3.1)
    sinatra (2.0.5)
      mustermann (~> 1.0)
      rack (~> 2.0)
      rack-protection (= 2.0.5)
      tilt (~> 2.0)
    sinatra-contrib (2.0.5)
      backports (>= 2.8.2)
      multi_json
      mustermann (~> 1.0)
      rack-protection (= 2.0.5)
      sinatra (= 2.0.5)
      tilt (>= 1.3, < 3)
    thin (1.7.2)
      daemons (~> 1.0, >= 1.0.9)
      eventmachine (~> 1.0, >= 1.0.4)
      rack (>= 1, < 3)
    thor (0.19.4)
    thread_safe (0.3.6)
    tilt (2.0.9)
    unf (0.1.4)
      unf_ext
    unf_ext (0.0.7.5)

PLATFORMS
  ruby

DEPENDENCIES
  dotenv
  foreman
  omniauth-twitter-rails_csrf_protection!
  sinatra
  sinatra-contrib
  thin
  twitter!

BUNDLED WITH
   2.0.1
